STORAGE: NONE
RESTRICTION: == net451
NUGET
  remote: https://api.nuget.org/v3/index.json
    Acadian.FSharp (1.2.3)
      FSharp.Core (>= 4.3.4)
    CompareNETObjects (4.66) - content: none
    FSharp.Control.AsyncSeq (2.0.21)
      FSharp.Core (>= 3.1.2)
    FSharp.Core (4.7.2)
    FSharp.Quotations.Evaluator (1.1.3)
      FSharp.Core (>= 3.0.2)
    FsUnit (2.3.2)
      FSharp.Core (>= 3.1.2.5)
      NUnit (3.5)
    FsXaml.Wpf (3.1.6)
    Microsoft.CodeCoverage (16.6.1)
    Microsoft.NET.Test.Sdk (16.6.1)
      Microsoft.CodeCoverage (>= 16.6.1)
    Microsoft.VisualBasic (10.3)
    Newtonsoft.Json (12.0.3)
    NUnit (3.5)
    NUnit3TestAdapter (3.16.1)
    System.Management (4.7)
    System.Reactive (3.1.1)
      System.Reactive.PlatformServices (>= 3.1.1)
      System.Reactive.Windows.Threading (>= 3.1.1)
    System.Reactive.Core (3.1.1)
      System.Reactive.Interfaces (>= 3.1.1)
    System.Reactive.Interfaces (3.1.1)
    System.Reactive.Linq (3.1.1)
      System.Reactive.Core (>= 3.1.1)
    System.Reactive.PlatformServices (3.1.1)
      System.Reactive.Linq (>= 3.1.1)
    System.Reactive.Windows.Threading (3.1.1)
      System.Reactive.Core (>= 3.1.1)
    VinylUI (2.3.1)
      FSharp.Control.AsyncSeq (>= 2.0.20 < 2.1)
      FSharp.Quotations.Evaluator (>= 1.1 < 2.0)
      System.Reactive (>= 3.1 < 4.0)

GROUP Tools
NUGET
  remote: https://api.nuget.org/v3/index.json
    Tools.InnoSetup (6.0.4)
