REDIRECTS: ON
RESTRICTION: == net451
NUGET
  remote: https://api.nuget.org/v3/index.json
    Acadian.FSharp (1.2.1)
      FSharp.Core (>= 4.3.4)
    CompareNETObjects (4.57) - content: none
    FSharp.Configuration (1.5)
      FSharp.Core (>= 4.0.0.1)
    FSharp.Control.AsyncSeq (2.0.21)
      FSharp.Core (>= 3.1.2)
    FSharp.Core (4.6.2)
    FSharp.Quotations.Evaluator (1.1.3)
      FSharp.Core (>= 3.0.2)
    FsUnit (2.3.2)
      FSharp.Core (>= 3.1.2.5)
      NUnit (3.5)
    FsXaml.Wpf (3.1.6)
    NUnit (3.5)
    NUnit.ConsoleRunner (3.10)
    System.Reactive (3.1.1)
      System.Reactive.PlatformServices (>= 3.1.1)
      System.Reactive.Windows.Threading (>= 3.1.1)
    System.Reactive.Core (3.1.1)
      System.Reactive.Interfaces (>= 3.1.1)
    System.Reactive.Interfaces (3.1.1)
    System.Reactive.Linq (3.1.1)
      System.Reactive.Core (>= 3.1.1)
    System.Reactive.PlatformServices (3.1.1)
      System.Reactive.Linq (>= 3.1.1)
    System.Reactive.Windows.Threading (3.1.1)
      System.Reactive.Core (>= 3.1.1)
    Tools.InnoSetup (5.6.1)
    VinylUI (2.2.4)
      FSharp.Control.AsyncSeq (>= 2.0.20 < 2.1)
      FSharp.Quotations.Evaluator (>= 1.1 < 2.0)
      System.Reactive (>= 3.1 < 4.0)
