REDIRECTS: ON
FRAMEWORK: >= NET451
NUGET
  remote: http://api.nuget.org/v3/index.json
    Castle.Core (4.3)
    CompareNETObjects (4.53) - content: none
    FSharp.Configuration (1.4)
      FSharp.Core (>= 4.0.0.1)
    FSharp.Core (4.5)
    FSharp.Desktop.UI (0.7.1)
      Castle.Core (>= 3.3.3)
      Rx-Main (>= 2.2.5)
    FSharp.Quotations.Evaluator (1.1.2)
      FSharp.Core (>= 3.0.2)
    FsUnit (2.3.2)
      FSharp.Core (>= 3.1.2.5)
      NUnit (3.5)
    FsXaml.Wpf (3.1.6)
    NUnit (3.5)
    Rx-Core (2.2.5)
      Rx-Interfaces (>= 2.2.5)
    Rx-Interfaces (2.2.5)
    Rx-Linq (2.2.5)
      Rx-Core (>= 2.2.5)
      Rx-Interfaces (>= 2.2.5)
    Rx-Main (2.2.5)
      Rx-Core (>= 2.2.5)
      Rx-Interfaces (>= 2.2.5)
      Rx-Linq (>= 2.2.5)
      Rx-PlatformServices (>= 2.2.5)
    Rx-PlatformServices (2.2.5)
      Rx-Core (>= 2.2.5)
      Rx-Interfaces (>= 2.2.5)
